GEM
  remote: http://rubygems.org/
  specs:
    haddock (0.2.2)
    rack (1.2.1)

PLATFORMS
  ruby

DEPENDENCIES
  haddock
  rack
